PATH
  remote: .
  specs:
    settingcrazy (0.1.13)

GEM
  remote: https://rubygems.org/
  specs:
    activemodel (4.2.11.3)
      activesupport (= 4.2.11.3)
      builder (~> 3.1)
    activerecord (4.2.11.3)
      activemodel (= 4.2.11.3)
      activesupport (= 4.2.11.3)
      arel (~> 6.0)
    activesupport (4.2.11.3)
      i18n (~> 0.7)
      minitest (~> 5.1)
      thread_safe (~> 0.3, >= 0.3.4)
      tzinfo (~> 1.1)
    arel (6.0.4)
    builder (3.2.4)
    coderay (1.1.3)
    concurrent-ruby (1.1.7)
    diff-lcs (1.4.4)
    i18n (0.9.5)
      concurrent-ruby (~> 1.0)
    method_source (1.0.0)
    minitest (5.14.2)
    mocha (1.11.2)
    protected_attributes (1.1.4)
      activemodel (>= 4.0.1, < 5.0)
    pry (0.13.1)
      coderay (~> 1.1)
      method_source (~> 1.0)
    rspec (3.10.0)
      rspec-core (~> 3.10.0)
      rspec-expectations (~> 3.10.0)
      rspec-mocks (~> 3.10.0)
    rspec-core (3.10.0)
      rspec-support (~> 3.10.0)
    rspec-expectations (3.10.0)
      diff-lcs (>= 1.2.0, < 2.0)
      rspec-support (~> 3.10.0)
    rspec-its (1.3.0)
      rspec-core (>= 3.0.0)
      rspec-expectations (>= 3.0.0)
    rspec-mocks (3.10.0)
      diff-lcs (>= 1.2.0, < 2.0)
      rspec-support (~> 3.10.0)
    rspec-support (3.10.0)
    sqlite3 (1.3.13)
    thread_safe (0.3.6)
    tzinfo (1.2.8)
      thread_safe (~> 0.1)

PLATFORMS
  ruby

DEPENDENCIES
  activerecord (~> 4)
  mocha
  protected_attributes
  pry
  rspec
  rspec-its
  settingcrazy!
  sqlite3 (~> 1.3.13)

BUNDLED WITH
   1.17.3
